GEM
  remote: https://rubygems.org/
  specs:
    connection_pool (2.2.2)
    creatable (2.3.1)
    domain_name (0.5.20180417)
      unf (>= 0.0.5, < 1.0.0)
    excon (0.64.0)
    http-cookie (1.0.3)
      domain_name (~> 0.5)
    json (2.2.0)
    mechanize (2.7.6)
      domain_name (~> 0.5, >= 0.5.1)
      http-cookie (~> 1.0)
      mime-types (>= 1.17.2)
      net-http-digest_auth (~> 1.1, >= 1.1.1)
      net-http-persistent (>= 2.5.2)
      nokogiri (~> 1.6)
      ntlm-http (~> 0.1, >= 0.1.1)
      webrobots (>= 0.0.9, < 0.2)
    mime-types (3.2.2)
      mime-types-data (~> 3.2015)
    mime-types-data (3.2019.0331)
    mini_portile2 (2.4.0)
    net-http-digest_auth (1.4.1)
    net-http-persistent (3.0.1)
      connection_pool (~> 2.2)
    netrc (0.11.0)
    nokogiri (1.10.3)
      mini_portile2 (~> 2.4.0)
    ntlm-http (0.1.1)
    oj (3.7.12)
    pushover (2.0.0)
      creatable
      excon
      oj
    rake (12.3.2)
    rest-client (2.0.2)
      http-cookie (>= 1.0.2, < 2.0)
      mime-types (>= 1.16, < 4.0)
      netrc (~> 0.8)
    rushover (0.3.0)
      json
      rest-client
    unf (0.1.4)
      unf_ext
    unf_ext (0.0.7.6)
    webrobots (0.1.2)

PLATFORMS
  ruby
  x86_64-darwin-18

DEPENDENCIES
  mechanize
  pushover
  rake
  rushover

BUNDLED WITH
   2.0.1
